PATH
  remote: ../../logstash/logstash-core-plugin-api
  specs:
    logstash-core-plugin-api (2.1.16-java)
      logstash-core (= 7.5.0)

PATH
  remote: ../../logstash/logstash-core
  specs:
    logstash-core (7.5.0-java)
      chronic_duration (~> 0.10)
      clamp (~> 0.6)
      concurrent-ruby (~> 1)
      elasticsearch (~> 5)
      filesize (~> 0.2)
      gems (~> 1)
      i18n (~> 1)
      jrjackson (= 0.4.9)
      jruby-openssl (~> 0.10)
      manticore (~> 0.6)
      minitar (~> 0.8)
      pry (~> 0.12)
      puma (~> 2)
      rack (~> 1, >= 1.6.11)
      rubyzip (~> 1)
      sinatra (~> 1, >= 1.4.6)
      stud (~> 0.0.19)
      thread_safe (~> 0.3.6)
      treetop (~> 1)

PATH
  remote: .
  specs:
    logstash-output-amazon_es (6.4.2-java)
      aws-sdk-core (~> 3)
      aws-sdk-signer (~> 1)
      cabin (~> 0.6)
      logstash-core-plugin-api (>= 1.60, <= 2.99)
      manticore (>= 0.6.4, < 1.0.0)
      stud (>= 0.0.17, < 0.1)

GEM
  remote: https://rubygems.org/
  specs:
    aws-eventstream (1.0.3)
    aws-partitions (1.208.0)
    aws-sdk-core (3.66.0)
      aws-eventstream (~> 1.0, >= 1.0.2)
      aws-partitions (~> 1.0)
      aws-sigv4 (~> 1.1)
      jmespath (~> 1.0)
    aws-sdk-signer (1.15.0)
      aws-sdk-core (~> 3, >= 3.61.1)
      aws-sigv4 (~> 1.1)
    aws-sigv4 (1.1.0)
      aws-eventstream (~> 1.0, >= 1.0.2)
    cabin (0.9.0)
    chronic_duration (0.10.6)
      numerizer (~> 0.1.1)
    clamp (0.6.5)
    coderay (1.1.2)
    concurrent-ruby (1.1.5)
    diff-lcs (1.3)
    elasticsearch (5.0.5)
      elasticsearch-api (= 5.0.5)
      elasticsearch-transport (= 5.0.5)
    elasticsearch-api (5.0.5)
      multi_json
    elasticsearch-transport (5.0.5)
      faraday
      multi_json
    faraday (0.15.4)
      multipart-post (>= 1.2, < 3)
    ffi (1.11.1-java)
    filesize (0.2.0)
    fivemat (1.3.7)
    flores (0.0.7)
    gem_publisher (1.5.0)
    gems (1.1.1)
      json
    i18n (1.6.0)
      concurrent-ruby (~> 1.0)
    insist (1.0.0)
    jmespath (1.4.0)
    jrjackson (0.4.9-java)
    jruby-openssl (0.10.2-java)
    json (2.2.0-java)
    kramdown (1.14.0)
    logstash-codec-plain (3.0.6)
      logstash-core-plugin-api (>= 1.60, <= 2.99)
    logstash-devutils (1.3.6-java)
      fivemat
      gem_publisher
      insist (= 1.0.0)
      kramdown (= 1.14.0)
      logstash-core-plugin-api (>= 2.0, <= 2.99)
      minitar
      rake
      rspec (~> 3.0)
      rspec-wait
      stud (>= 0.0.20)
    manticore (0.6.4-java)
      openssl_pkcs8_pure
    method_source (0.9.2)
    minitar (0.9)
    multi_json (1.13.1)
    multipart-post (2.1.1)
    numerizer (0.1.1)
    openssl_pkcs8_pure (0.0.0.2)
    polyglot (0.3.5)
    pry (0.12.2-java)
      coderay (~> 1.1.0)
      method_source (~> 0.9.0)
      spoon (~> 0.0)
    puma (2.16.0-java)
    rack (1.6.11)
    rack-protection (1.5.5)
      rack
    rake (12.3.3)
    rspec (3.8.0)
      rspec-core (~> 3.8.0)
      rspec-expectations (~> 3.8.0)
      rspec-mocks (~> 3.8.0)
    rspec-core (3.8.2)
      rspec-support (~> 3.8.0)
    rspec-expectations (3.8.4)
      diff-lcs (>= 1.2.0, < 2.0)
      rspec-support (~> 3.8.0)
    rspec-mocks (3.8.1)
      diff-lcs (>= 1.2.0, < 2.0)
      rspec-support (~> 3.8.0)
    rspec-support (3.8.2)
    rspec-wait (0.0.9)
      rspec (>= 3, < 4)
    rubyzip (1.2.3)
    sinatra (1.4.8)
      rack (~> 1.5)
      rack-protection (~> 1.4)
      tilt (>= 1.3, < 3)
    spoon (0.0.6)
      ffi
    stud (0.0.23)
    thread_safe (0.3.6-java)
    tilt (2.0.9)
    treetop (1.6.10)
      polyglot (~> 0.3)

PLATFORMS
  java

DEPENDENCIES
  elasticsearch
  flores (~> 0)
  logstash-codec-plain
  logstash-core!
  logstash-core-plugin-api!
  logstash-devutils
  logstash-output-amazon_es!

BUNDLED WITH
   2.0.2
